GEM
  remote: https://rubygems.org/
  specs:
    diff-lcs (1.1.3)
    grit (2.4.1)
      diff-lcs (~> 1.1)
      mime-types (~> 1.15)
    haml (3.1.4)
    json (1.6.5)
    mime-types (1.17.2)

PLATFORMS
  ruby

DEPENDENCIES
  grit
  haml
  json
